GIT
  remote: https://github.com/binaryage/html_press
  revision: 8bc6fcb8922e66b0781a28418d5fada8aeff6255
  specs:
    html_press (0.7.1)
      css_press (>= 0.3.2)
      htmlentities
      uglifier

GIT
  remote: https://github.com/binaryage/jekyll.git
  revision: 1d8a574bc3b416a722f2142058bb4c53a7a605bc
  branch: binaryage-site
  specs:
    jekyll (3.3.1)
      addressable (~> 2.4)
      colorator (~> 1.0)
      jekyll-sass-converter (~> 1.0)
      jekyll-watch (~> 1.1)
      kramdown (~> 1.3)
      liquid (~> 3.0)
      mercenary (~> 0.3.3)
      pathutil (~> 0.9)
      rouge (~> 1.7)
      safe_yaml (~> 1.0)

GEM
  remote: http://rubygems.org/
  specs:
    addressable (2.5.0)
      public_suffix (~> 2.0, >= 2.0.2)
    closure-compiler (1.1.12)
    coffee-script (2.4.1)
      coffee-script-source
      execjs
    coffee-script-source (1.11.1)
    colorator (1.1.0)
    colored2 (3.1.2)
    css_press (0.3.2)
      csspool-st (= 3.1.2)
      json
    csspool-st (3.1.2)
    execjs (2.7.0)
    ffi (1.9.17)
    forwardable-extended (2.6.0)
    htmlentities (4.3.4)
    jekyll-coffeescript (1.0.2)
      coffee-script (~> 2.2)
      coffee-script-source (~> 1.11.1)
    jekyll-contentblocks (1.2.0)
      jekyll
    jekyll-redirect-from (0.12.1)
      jekyll (~> 3.3)
    jekyll-sass-converter (1.5.0)
      sass (~> 3.4)
    jekyll-watch (1.5.0)
      listen (~> 3.0, < 3.1)
    json (2.0.3)
    kramdown (1.13.2)
    liquid (3.0.6)
    listen (3.0.8)
      rb-fsevent (~> 0.9, >= 0.9.4)
      rb-inotify (~> 0.9, >= 0.9.7)
    mercenary (0.3.6)
    pathutil (0.14.0)
      forwardable-extended (~> 2.6)
    public_suffix (2.0.5)
    rb-fsevent (0.9.8)
    rb-inotify (0.9.8)
      ffi (>= 0.5.0)
    rdiscount (2.2.0.1)
    rouge (1.11.1)
    safe_yaml (1.0.4)
    sass (3.4.23)
    stylus (1.0.2)
      execjs
      stylus-source
    stylus-source (0.54.5)
    tilt (2.0.6)
    uglifier (3.1.1)
      execjs (>= 0.3.0, < 3)
    yui-compressor (0.12.0)

PLATFORMS
  ruby

DEPENDENCIES
  closure-compiler
  coffee-script
  colored2
  html_press!
  jekyll!
  jekyll-coffeescript
  jekyll-contentblocks
  jekyll-redirect-from
  rdiscount
  stylus
  tilt
  yui-compressor

BUNDLED WITH
   1.13.7
